PATH
  remote: .
  specs:
    apple-tv-converter (0.5.7)
      httparty (~> 0)
      imdb (~> 0.6, >= 0.6.8)
      language_list (~> 0.0, >= 0.0.3)
      libxml-ruby (~> 2.7, >= 2.7.0)
      rubyzip (~> 0.9, >= 0.9.9)
      streamio-ffmpeg (~> 0.9, >= 0.9.0)

GEM
  remote: https://rubygems.org/
  specs:
    diff-lcs (1.2.5)
    httparty (0.13.0)
      json (~> 1.8)
      multi_xml (>= 0.5.2)
    imdb (0.8.1)
      nokogiri (>= 1.6.0)
    json (1.8.1)
    language_list (0.1.0)
    libxml-ruby (2.7.0)
    mini_portile (0.5.2)
    multi_xml (0.5.5)
    nokogiri (1.6.1)
      mini_portile (~> 0.5.0)
    rake (0.9.6)
    rspec (2.14.1)
      rspec-core (~> 2.14.0)
      rspec-expectations (~> 2.14.0)
      rspec-mocks (~> 2.14.0)
    rspec-core (2.14.7)
    rspec-expectations (2.14.5)
      diff-lcs (>= 1.1.3, < 2.0)
    rspec-mocks (2.14.5)
    rubyzip (0.9.9)
    streamio-ffmpeg (0.9.0)

PLATFORMS
  ruby

DEPENDENCIES
  apple-tv-converter!
  rake (~> 0.9, >= 0.9.2)
  rspec (~> 2.14.1)
